GEM
  remote: https://www.rubygems.org/
  specs:
    childprocess (0.7.0)
      ffi (~> 1.0, >= 1.0.11)
    connection_pool (2.2.1)
    ffi (1.9.18)
    net-http-persistent (3.0.0)
      connection_pool (~> 2.2)
    rubyzip (1.2.1)
    selenium-webdriver (3.4.3)
      childprocess (~> 0.5)
      rubyzip (~> 1.0)

PLATFORMS
  ruby

DEPENDENCIES
  net-http-persistent
  selenium-webdriver

BUNDLED WITH
   1.14.3
